GEM
  remote: http://rubygems.org/
  specs:
    activesupport (3.2.3)
      i18n (~> 0.6)
      multi_json (~> 1.0)
    coderay (1.0.7)
    diff-lcs (1.1.3)
    i18n (0.6.0)
    json (1.6.6)
    method_source (0.7.1)
    multi_json (1.3.2)
    pry (0.9.9.6)
      coderay (~> 1.0.5)
      method_source (~> 0.7.1)
      slop (>= 2.4.4, < 3)
    rake (0.9.2.2)
    redis (2.2.2)
    rspec (2.9.0)
      rspec-core (~> 2.9.0)
      rspec-expectations (~> 2.9.0)
      rspec-mocks (~> 2.9.0)
    rspec-core (2.9.0)
    rspec-expectations (2.9.1)
      diff-lcs (~> 1.1.3)
    rspec-mocks (2.9.0)
    slop (2.4.4)
    timecop (0.3.5)

PLATFORMS
  ruby

DEPENDENCIES
  activesupport
  json
  pry
  rake
  redis (~> 2.2.2)
  rspec
  timecop
